GEM
  remote: https://rubygems.org/
  specs:
    backports (3.6.0)
    diff-lcs (1.2.5)
    emk-sinatra-url-for (0.2.1)
      sinatra (>= 0.9.1.1)
    erubis (2.7.0)
    formkeeper (0.0.14)
      hpricot
      rack
    hpricot (0.8.6)
    mini_portile (0.6.0)
    multi_json (1.10.1)
    mysql2 (0.3.16)
    mysql2-cs-bind (0.0.6)
      mysql2
    nokogiri (1.6.3.1)
      mini_portile (= 0.6.0)
    rack (1.5.2)
    rack-protection (1.5.3)
      rack
    rack-test (0.6.2)
      rack (>= 1.0)
    rspec (3.0.0)
      rspec-core (~> 3.0.0)
      rspec-expectations (~> 3.0.0)
      rspec-mocks (~> 3.0.0)
    rspec-core (3.0.3)
      rspec-support (~> 3.0.0)
    rspec-expectations (3.0.3)
      diff-lcs (>= 1.2.0, < 2.0)
      rspec-support (~> 3.0.0)
    rspec-html-matchers (0.6.1)
      nokogiri (~> 1)
      rspec (~> 3)
    rspec-mocks (3.0.3)
      rspec-support (~> 3.0.0)
    rspec-support (3.0.3)
    sinatra (1.4.5)
      rack (~> 1.4)
      rack-protection (~> 1.4)
      tilt (~> 1.3, >= 1.3.4)
    sinatra-contrib (1.4.2)
      backports (>= 2.0)
      multi_json
      rack-protection
      rack-test
      sinatra (~> 1.4.0)
      tilt (~> 1.3)
    sinatra-formkeeper (0.0.7)
      formkeeper (~> 0.0.12)
      hpricot
      rack
      sinatra
    tilt (1.4.1)

PLATFORMS
  ruby

DEPENDENCIES
  emk-sinatra-url-for
  erubis
  mysql2
  mysql2-cs-bind
  rspec
  rspec-html-matchers
  sinatra
  sinatra-contrib
  sinatra-formkeeper
